GEM
  remote: http://rubygems.org/
  specs:
    activesupport (3.1.0)
      multi_json (~> 1.0)
    diff-lcs (1.1.3)
    git (1.11.0)
      rchardet (~> 1.8)
    jeweler (1.6.4)
      bundler (~> 1.0)
      git (>= 1.2.5)
      rake
    multi_json (1.0.3)
    rake (0.9.2)
    rchardet (1.8.0)
    rcov (0.9.10)
    rspec (2.3.0)
      rspec-core (~> 2.3.0)
      rspec-expectations (~> 2.3.0)
      rspec-mocks (~> 2.3.0)
    rspec-core (2.3.1)
    rspec-expectations (2.3.0)
      diff-lcs (~> 1.1.2)
    rspec-mocks (2.3.0)
    rubycas-client (2.2.1)
      activesupport

PLATFORMS
  ruby

DEPENDENCIES
  activesupport (>= 2)
  bundler (~> 1.0.0)
  jeweler (~> 1.6.4)
  rcov
  rspec (~> 2.3.0)
  rubycas-client (>= 2.2.1)
